##TITLE= Parameter file, TopSpin 3.5 pl 7
##JCAMPDX= 5.0
##DATATYPE= Parameter Values
##NPOINTS= 1	$$ modification sequence number
##ORIGIN= Bruker BioSpin GmbH
##OWNER= nmr
$$ 2017-10-19 11:45:15.443 +0200  nmr@CZC60678L0
$$ /opt/topspin3.5pl7/prog/curdir/changer/inmrchanger/Oct16-2017-1544-nmr/15/15.245/data/nmr/AN-menthol/15/acqum
$$ process /opt/topspin3.5pl7/prog/mod/xwish3
##$COMMENT= <>
##$ECF= 1
##$ECHOLST= (0..15)
1 1 1 1 1 1 1 1 1 1 1 1 1 1 1 1
##$ECOLLST= (0..15)
1 1 1 1 1 1 1 1 1 1 1 1 1 1 1 1
##$FLIPA= 0
##$FOV1= 0
##$FOV2= 0
##$FOV3= 0
##$FRARE= 1
##$HEADER= <>
##$INSTIT= <>
##$METHOD= <>
##$NECHOES= 1
##$NPROJEC= 32
##$NSLICES= 32
##$PATPOS= 0
##$RUNEXAM= -1
##$SDIST= 1
##$SOANGLE= 0
##$SORIENT= 0
##$SOT= <>
##$SPOS= 0
##$SPOSDIR= <>
##$STHICK= 3
##$T2DIST= 30
##$TINV= 50
##$TREC= 2700
##$TREP= 3000
##$TSCAN= 50000
##END=
